GIT
  remote: https://github.com/luciuschoi/google-code-prettify-rails.git
  revision: e437c3cea83556fbaf2f73f2440a13240e856286
  specs:
    google-code-prettify-rails (1.1.1)
      railties (>= 4.0.0, < 6)
      thor (>= 0.14, < 2.0)

GIT
  remote: https://github.com/rorlab/pagedown-bootstrap-rails.git
  revision: 11bab1b496e152303b13e19145735014eb88d3d8
  specs:
    pagedown-bootstrap-rails (2.1.0)
      railties (> 3.1)

GIT
  remote: https://github.com/rorlab/pageless-rails.git
  revision: 6bc646321b139846f7db7679e57992973d8f36ed
  specs:
    pageless-rails (0.0.3)
      railties (>= 3.1)

GIT
  remote: https://github.com/rorlab/webshots.git
  revision: 421f6d1d7b1c69a066a85836f2fc2171f0bad217
  specs:
    webshots (0.0.1)

GEM
  remote: https://rubygems.org/
  specs:
    actioncable (5.2.3)
      actionpack (= 5.2.3)
      nio4r (~> 2.0)
      websocket-driver (>= 0.6.1)
    actionmailer (5.2.3)
      actionpack (= 5.2.3)
      actionview (= 5.2.3)
      activejob (= 5.2.3)
      mail (~> 2.5, >= 2.5.4)
      rails-dom-testing (~> 2.0)
    actionpack (5.2.3)
      actionview (= 5.2.3)
      activesupport (= 5.2.3)
      rack (~> 2.0)
      rack-test (>= 0.6.3)
      rails-dom-testing (~> 2.0)
      rails-html-sanitizer (~> 1.0, >= 1.0.2)
    actionview (5.2.3)
      activesupport (= 5.2.3)
      builder (~> 3.1)
      erubi (~> 1.4)
      rails-dom-testing (~> 2.0)
      rails-html-sanitizer (~> 1.0, >= 1.0.3)
    activejob (5.2.3)
      activesupport (= 5.2.3)
      globalid (>= 0.3.6)
    activemodel (5.2.3)
      activesupport (= 5.2.3)
    activerecord (5.2.3)
      activemodel (= 5.2.3)
      activesupport (= 5.2.3)
      arel (>= 9.0)
    activestorage (5.2.3)
      actionpack (= 5.2.3)
      activerecord (= 5.2.3)
      marcel (~> 0.3.1)
    activesupport (5.2.3)
      concurrent-ruby (~> 1.0, >= 1.0.2)
      i18n (>= 0.7, < 2)
      minitest (~> 5.1)
      tzinfo (~> 1.1)
    acts-as-taggable-on (6.0.0)
      activerecord (~> 5.0)
    acts_as_votable (0.11.1)
    addressable (2.6.0)
      public_suffix (>= 2.0.2, < 4.0)
    airbrussh (1.3.2)
      sshkit (>= 1.6.1, != 1.7.0)
    ambry (1.0.0)
    archive-zip (0.12.0)
      io-like (~> 0.3.0)
    arel (9.0.0)
    authority (3.3.0)
      activesupport (>= 3.0.0)
    auto_html (2.0.0)
      gemoji (~> 2.1)
      redcarpet (~> 3.3)
      rinku (~> 1.7)
      tag_helper (~> 0.5)
    autoprefixer-rails (9.6.1)
      execjs
    autosize (2.4.0.0)
    aws-eventstream (1.0.3)
    aws-partitions (1.186.0)
    aws-sdk-core (3.59.0)
      aws-eventstream (~> 1.0, >= 1.0.2)
      aws-partitions (~> 1.0)
      aws-sigv4 (~> 1.1)
      jmespath (~> 1.0)
    aws-sdk-kms (1.23.0)
      aws-sdk-core (~> 3, >= 3.58.0)
      aws-sigv4 (~> 1.1)
    aws-sdk-s3 (1.45.0)
      aws-sdk-core (~> 3, >= 3.58.0)
      aws-sdk-kms (~> 1)
      aws-sigv4 (~> 1.1)
    aws-sigv4 (1.1.0)
      aws-eventstream (~> 1.0, >= 1.0.2)
    bcrypt (3.1.13)
    better_errors (2.5.1)
      coderay (>= 1.0.0)
      erubi (>= 1.0.0)
      rack (>= 0.9.0)
    bh (1.3.6)
      actionpack
      activesupport
    bindex (0.7.0)
    binding_of_caller (0.8.0)
      debug_inspector (>= 0.0.1)
    bootsnap (1.4.4)
      msgpack (~> 1.0)
    bootstrap (4.0.0)
      autoprefixer-rails (>= 6.0.3)
      popper_js (>= 1.12.9, < 2)
      sass (>= 3.5.2)
    builder (3.2.3)
    byebug (11.0.1)
    capistrano (3.11.0)
      airbrussh (>= 1.0.0)
      i18n
      rake (>= 10.0.0)
      sshkit (>= 1.9.0)
    capistrano-bundler (1.6.0)
      capistrano (~> 3.1)
    capistrano-rails (1.4.0)
      capistrano (~> 3.1)
      capistrano-bundler (~> 1.1)
    capistrano-rails-console (2.3.0)
      capistrano (>= 3.5.0, < 4.0.0)
      sshkit-interactive (~> 0.3.0)
    capistrano-rails-tail-log (0.1.0)
      capistrano (>= 3.0)
      capistrano-rails
    capistrano-rbenv (2.1.4)
      capistrano (~> 3.1)
      sshkit (~> 1.3)
    capistrano-rbenv-install (1.2.0)
      capistrano (>= 3.0)
      capistrano-rbenv (>= 2.0)
    capistrano-upload-config (0.8.2)
      capistrano (>= 3.0)
    capistrano-yarn (2.0.2)
      capistrano (~> 3.0)
    capistrano3-nginx (2.1.6)
      capistrano (>= 3.0.0)
    capistrano3-puma (3.1.1)
      capistrano (~> 3.7)
      capistrano-bundler
      puma (~> 3.4)
    capybara (3.25.0)
      addressable
      mini_mime (>= 0.1.3)
      nokogiri (~> 1.8)
      rack (>= 1.6.0)
      rack-test (>= 0.6.3)
      regexp_parser (~> 1.5)
      xpath (~> 3.2)
    capybara-webkit (1.15.1)
      capybara (>= 2.3, < 4.0)
      json
    carrierwave (1.3.1)
      activemodel (>= 4.0.0)
      activesupport (>= 4.0.0)
      mime-types (>= 1.16)
    carrierwave-aws (1.3.0)
      aws-sdk-s3 (~> 1.0)
      carrierwave (>= 0.7, < 2.0)
    childprocess (1.0.1)
      rake (< 13.0)
    chromedriver-helper (2.1.1)
      archive-zip (~> 0.10)
      nokogiri (~> 1.8)
    clockwork (2.0.2)
      activesupport
      tzinfo
    cocoon (1.2.11)
    codemirror-rails (5.16.0)
      railties (>= 3.0, < 6.0)
    coderay (1.1.2)
    coffee-rails (4.2.2)
      coffee-script (>= 2.2.0)
      railties (>= 4.0.0)
    coffee-script (2.4.1)
      coffee-script-source
      execjs
    coffee-script-source (1.12.2)
    concurrent-ruby (1.1.5)
    crack (0.4.3)
      safe_yaml (~> 1.0.0)
    crass (1.0.4)
    daemons (1.2.6)
    database_cleaner (1.6.2)
    debug_inspector (0.0.3)
    delayed_job (4.1.7)
      activesupport (>= 3.0, < 5.3)
    delayed_job_active_record (4.1.3)
      activerecord (>= 3.0, < 5.3)
      delayed_job (>= 3.0, < 5)
    delayed_job_web (1.4.3)
      activerecord (> 3.0.0)
      delayed_job (> 2.0.3)
      rack-protection (>= 1.5.5)
      sinatra (>= 1.4.4)
    devise (4.6.2)
      bcrypt (~> 3.0)
      orm_adapter (~> 0.1)
      railties (>= 4.1.0, < 6.0)
      responders
      warden (~> 1.2.3)
    diff-lcs (1.3)
    docile (1.1.5)
    erubi (1.8.0)
    excon (0.60.0)
    execjs (2.7.0)
    factory_bot (4.8.2)
      activesupport (>= 3.0.0)
    factory_bot_rails (4.8.2)
      factory_bot (~> 4.8.2)
      railties (>= 3.0.0)
    faker (1.8.7)
      i18n (>= 0.7)
    faraday (0.15.4)
      multipart-post (>= 1.2, < 3)
    ffi (1.11.1)
    fontawesome5-rails (5.2.0.0)
    formatador (0.2.5)
    friendly_id (5.2.5)
      activerecord (>= 4.0.0)
    gemoji (2.1.0)
    gibbon (3.2.0)
      faraday (>= 0.9.1)
      multi_json (>= 1.11.0)
    globalid (0.4.2)
      activesupport (>= 4.2.0)
    gravatar-ultimate (2.0.0)
      activesupport (>= 2.3.14)
      rack
    guard (2.15.0)
      formatador (>= 0.2.4)
      listen (>= 2.7, < 4.0)
      lumberjack (>= 1.0.12, < 2.0)
      nenv (~> 0.1)
      notiffany (~> 0.0)
      pry (>= 0.9.12)
      shellany (~> 0.0)
      thor (>= 0.18.1)
    guard-compat (1.2.1)
    guard-rspec (4.7.3)
      guard (~> 2.1)
      guard-compat (~> 1.1)
      rspec (>= 2.99.0, < 4.0)
    hashdiff (0.4.0)
    i18n (1.6.0)
      concurrent-ruby (~> 1.0)
    impressionist (1.6.0)
      nokogiri (~> 1)
    io-like (0.3.0)
    jbuilder (2.9.1)
      activesupport (>= 4.2.0)
    jmespath (1.4.0)
    jquery-minicolors-rails (2.2.6.1)
      jquery-rails
      rails (>= 3.2.8)
    jquery-rails (4.3.5)
      rails-dom-testing (>= 1, < 3)
      railties (>= 4.2.0)
      thor (>= 0.14, < 2.0)
    jquery-tokeninput-rails (1.6.0)
    jquery-turbolinks (2.1.0)
      railties (>= 3.1.0)
      turbolinks
    jquery-ui-rails (6.0.1)
      railties (>= 3.2.16)
    json (2.2.0)
    launchy (2.4.3)
      addressable (~> 2.3)
    letter_opener (1.6.0)
      launchy (~> 2.2)
    listen (3.1.5)
      rb-fsevent (~> 0.9, >= 0.9.4)
      rb-inotify (~> 0.9, >= 0.9.7)
      ruby_dep (~> 1.2)
    loofah (2.2.3)
      crass (~> 1.0.2)
      nokogiri (>= 1.5.9)
    lumberjack (1.0.13)
    mail (2.7.1)
      mini_mime (>= 0.1.1)
    mailgun (0.11)
    marcel (0.3.3)
      mimemagic (~> 0.3.2)
    markdown-rails (0.2.1)
      rails
      rdiscount (>= 1.6.8, < 2.0)
    meetup_client (1.0.0)
    merit (3.0.1)
      ambry (~> 1.0.0)
    meta-tags (2.7.1)
      actionpack (>= 3.2.0, < 5.3)
    method_source (0.9.2)
    mime-types (3.2.2)
      mime-types-data (~> 3.2015)
    mime-types-data (3.2019.0331)
    mimemagic (0.3.3)
    mini_magick (4.9.3)
    mini_mime (1.0.2)
    mini_portile2 (2.4.0)
    minitest (5.11.3)
    msgpack (1.3.0)
    multi_json (1.13.1)
    multipart-post (2.1.1)
    mustermann (1.0.3)
    mysql2 (0.4.10)
    nenv (0.3.0)
    net-scp (2.0.0)
      net-ssh (>= 2.6.5, < 6.0.0)
    net-ssh (5.2.0)
    nio4r (2.4.0)
    nokogiri (1.10.3)
      mini_portile2 (~> 2.4.0)
    nokogumbo (1.5.0)
      nokogiri
    notiffany (0.1.1)
      nenv (~> 0.1)
      shellany (~> 0.0)
    oj (3.4.0)
    orm_adapter (0.5.0)
    placeholdit (0.0.5)
    polyglot (0.3.5)
    popper_js (1.14.5)
    pry (0.12.2)
      coderay (~> 1.1.0)
      method_source (~> 0.9.0)
    public_suffix (3.1.1)
    puma (3.12.1)
    rack (2.0.7)
    rack-protection (2.0.5)
      rack
    rack-test (1.1.0)
      rack (>= 1.0, < 3)
    rails (5.2.3)
      actioncable (= 5.2.3)
      actionmailer (= 5.2.3)
      actionpack (= 5.2.3)
      actionview (= 5.2.3)
      activejob (= 5.2.3)
      activemodel (= 5.2.3)
      activerecord (= 5.2.3)
      activestorage (= 5.2.3)
      activesupport (= 5.2.3)
      bundler (>= 1.3.0)
      railties (= 5.2.3)
      sprockets-rails (>= 2.0.0)
    rails-dom-testing (2.0.3)
      activesupport (>= 4.2.0)
      nokogiri (>= 1.6)
    rails-env-credentials (0.1.3)
      rails (>= 5.2.0.rc1)
    rails-html-sanitizer (1.0.4)
      loofah (~> 2.2, >= 2.2.2)
    railties (5.2.3)
      actionpack (= 5.2.3)
      activesupport (= 5.2.3)
      method_source
      rake (>= 0.8.7)
      thor (>= 0.19.0, < 2.0)
    rake (12.3.2)
    rb-fsevent (0.10.3)
    rb-inotify (0.10.0)
      ffi (~> 1.0)
    rdiscount (1.6.8)
    recaptcha (4.6.4)
      json
    redcarpet (3.4.0)
    regexp_parser (1.5.1)
    remotipart (1.3.1)
    responders (3.0.0)
      actionpack (>= 5.0)
      railties (>= 5.0)
    rinku (1.7.3)
    rolify (5.2.0)
    rspec (3.7.0)
      rspec-core (~> 3.7.0)
      rspec-expectations (~> 3.7.0)
      rspec-mocks (~> 3.7.0)
    rspec-core (3.7.1)
      rspec-support (~> 3.7.0)
    rspec-expectations (3.7.0)
      diff-lcs (>= 1.2.0, < 2.0)
      rspec-support (~> 3.7.0)
    rspec-mocks (3.7.0)
      diff-lcs (>= 1.2.0, < 2.0)
      rspec-support (~> 3.7.0)
    rspec-rails (3.7.2)
      actionpack (>= 3.0)
      activesupport (>= 3.0)
      railties (>= 3.0)
      rspec-core (~> 3.7.0)
      rspec-expectations (~> 3.7.0)
      rspec-mocks (~> 3.7.0)
      rspec-support (~> 3.7.0)
    rspec-support (3.7.1)
    ruby_dep (1.5.0)
    rubyzip (1.2.3)
    safe_yaml (1.0.5)
    sanitize (4.6.0)
      crass (~> 1.0.2)
      nokogiri (>= 1.4.4)
      nokogumbo (~> 1.4)
    sass (3.7.4)
      sass-listen (~> 4.0.0)
    sass-listen (4.0.0)
      rb-fsevent (~> 0.9, >= 0.9.4)
      rb-inotify (~> 0.9, >= 0.9.7)
    sass-rails (5.0.7)
      railties (>= 4.0.0, < 6)
      sass (~> 3.1)
      sprockets (>= 2.8, < 4.0)
      sprockets-rails (>= 2.0, < 4.0)
      tilt (>= 1.1, < 3)
    search_cop (1.0.9)
      treetop
    selenium-webdriver (3.142.3)
      childprocess (>= 0.5, < 2.0)
      rubyzip (~> 1.2, >= 1.2.2)
    shellany (0.0.1)
    shoulda-matchers (3.1.2)
      activesupport (>= 4.0.0)
    simple_enum (2.3.0)
      activesupport (>= 4.0.0)
    simple_form (4.1.0)
      actionpack (>= 5.0)
      activemodel (>= 5.0)
    simplecov (0.15.1)
      docile (~> 1.1.0)
      json (>= 1.8, < 3)
      simplecov-html (~> 0.10.0)
    simplecov-html (0.10.2)
    sinatra (2.0.5)
      mustermann (~> 1.0)
      rack (~> 2.0)
      rack-protection (= 2.0.5)
      tilt (~> 2.0)
    spring (2.1.0)
    spring-commands-rspec (1.0.4)
      spring (>= 0.9.1)
    spring-watcher-listen (2.0.1)
      listen (>= 2.7, < 4.0)
      spring (>= 1.2, < 3.0)
    sprockets (3.7.2)
      concurrent-ruby (~> 1.0)
      rack (> 1, < 3)
    sprockets-rails (3.2.1)
      actionpack (>= 4.0)
      activesupport (>= 4.0)
      sprockets (>= 3.0.0)
    sqlite3 (1.3.13)
    sshkit (1.19.1)
      net-scp (>= 1.1.2)
      net-ssh (>= 2.8.0)
    sshkit-interactive (0.3.0)
      sshkit (~> 1.12)
    tag_helper (0.5.0)
    terminal-notifier-guard (1.7.0)
    thor (0.20.3)
    thread_safe (0.3.6)
    tilt (2.0.9)
    treetop (1.6.10)
      polyglot (~> 0.3)
    tui_editor-rails (1.0.2.0)
    turbolinks (5.2.0)
      turbolinks-source (~> 5.2)
    turbolinks-source (5.2.0)
    tzinfo (1.2.5)
      thread_safe (~> 0.1)
    uglifier (4.1.20)
      execjs (>= 0.3.0, < 3)
    validate_url (1.0.2)
      activemodel (>= 3.0.0)
      addressable
    vcr (4.0.0)
    warden (1.2.8)
      rack (>= 2.0.6)
    web-console (3.7.0)
      actionview (>= 5.0)
      activemodel (>= 5.0)
      bindex (>= 0.4.0)
      railties (>= 5.0)
    webmock (3.3.0)
      addressable (>= 2.3.6)
      crack (>= 0.3.2)
      hashdiff
    websocket-driver (0.7.1)
      websocket-extensions (>= 0.1.0)
    websocket-extensions (0.1.4)
    will_paginate (3.1.7)
    will_paginate-bootstrap4 (0.2.2)
      will_paginate (~> 3.0, >= 3.0.0)
    xmlrpc (0.3.0)
    xpath (3.2.0)
      nokogiri (~> 1.8)
    yaml_db (0.7.0)
      rails (>= 3.0)
      rake (>= 0.8.7)

PLATFORMS
  ruby

DEPENDENCIES
  acts-as-taggable-on (~> 6.0)
  acts_as_votable (= 0.11.1)
  ambry (= 1.0.0)
  authority (= 3.3.0)
  auto_html (= 2.0.0)
  autoprefixer-rails (>= 6.0.3)
  autosize (= 2.4.0.0)
  better_errors (~> 2.5, >= 2.5.1)
  bh (= 1.3.6)
  binding_of_caller (= 0.8.0)
  bootsnap (>= 1.1.0)
  bootstrap (= 4.0.0)
  byebug
  capistrano (~> 3.11)
  capistrano-bundler (~> 1.1)
  capistrano-rails (~> 1.4)
  capistrano-rails-console
  capistrano-rails-tail-log (= 0.1.0)
  capistrano-rbenv (~> 2.1)
  capistrano-rbenv-install (= 1.2.0)
  capistrano-upload-config (= 0.8.2)
  capistrano-yarn
  capistrano3-nginx (= 2.1.6)
  capistrano3-puma (= 3.1.1)
  capybara (~> 3.25)
  capybara-webkit
  carrierwave-aws (= 1.3.0)
  chromedriver-helper
  clockwork (= 2.0.2)
  cocoon (= 1.2.11)
  codemirror-rails (= 5.16.0)
  coffee-rails (~> 4.2)
  daemons (= 1.2.6)
  database_cleaner (= 1.6.2)
  delayed_job_active_record (~> 4.1, >= 4.1.3)
  delayed_job_web (= 1.4.3)
  devise (~> 4.6, >= 4.6.2)
  excon (= 0.60.0)
  factory_bot_rails (= 4.8.2)
  faker (= 1.8.7)
  fontawesome5-rails
  friendly_id (~> 5.2, >= 5.2.5)
  gibbon (= 3.2.0)
  google-code-prettify-rails!
  gravatar-ultimate (= 2.0.0)
  guard (~> 2.1)
  guard-rspec (= 4.7.3)
  impressionist (= 1.6.0)
  jbuilder (~> 2.5)
  jquery-minicolors-rails (~> 2.2, >= 2.2.6.1)
  jquery-rails (~> 4.3, >= 4.3.5)
  jquery-tokeninput-rails (= 1.6.0)
  jquery-turbolinks (= 2.1.0)
  jquery-ui-rails (= 6.0.1)
  launchy (= 2.4.3)
  letter_opener (= 1.6.0)
  listen (>= 3.0.5, < 3.2)
  mailgun (= 0.11)
  markdown-rails (= 0.2.1)
  meetup_client (= 1.0.0)
  merit (= 3.0.1)
  meta-tags (= 2.7.1)
  mini_magick (~> 4.8)
  multi_json (= 1.13.1)
  mysql2 (= 0.4.10)
  oj (= 3.4.0)
  pagedown-bootstrap-rails (= 2.1.0)!
  pageless-rails (= 0.0.3)!
  placeholdit (= 0.0.5)
  puma (~> 3.11)
  rails (~> 5.2.3)
  rails-env-credentials
  recaptcha (= 4.6.4)
  redcarpet (= 3.4.0)
  remotipart (= 1.3.1)
  rolify (= 5.2.0)
  rspec-rails (= 3.7.2)
  sanitize (= 4.6.0)
  sass-rails (~> 5.0)
  search_cop (= 1.0.9)
  selenium-webdriver
  shoulda-matchers (= 3.1.2)
  simple_enum (= 2.3.0)
  simple_form (~> 4.1)
  simplecov (= 0.15.1)
  spring
  spring-commands-rspec (= 1.0.4)
  spring-watcher-listen (~> 2.0.0)
  sqlite3 (= 1.3.13)
  terminal-notifier-guard (= 1.7.0)
  tui_editor-rails
  turbolinks (~> 5)
  tzinfo-data
  uglifier (>= 1.3.0)
  validate_url (= 1.0.2)
  vcr (= 4.0.0)
  web-console (>= 3.3.0)
  webmock (= 3.3.0)
  webshots (= 0.0.1)!
  will_paginate-bootstrap4
  xmlrpc (= 0.3.0)
  yaml_db (~> 0.7.0)

RUBY VERSION
   ruby 2.5.0p0

BUNDLED WITH
   2.0.2
